GEM
  remote: https://rubygems.org/
  specs:
    activesupport (5.2.1)
      concurrent-ruby (~> 1.0, >= 1.0.2)
      i18n (>= 0.7, < 2)
      minitest (~> 5.1)
      tzinfo (~> 1.1)
    concurrent-ruby (1.0.5)
    daemons (1.2.6)
    eventmachine (1.2.7)
    google-protobuf (3.6.1)
    googleapis-common-protos-types (1.0.1)
      google-protobuf (~> 3.0)
    grpc (1.14.0)
      google-protobuf (~> 3.1)
      googleapis-common-protos-types (~> 1.0.0)
    grpc-tools (1.14.0)
    i18n (1.1.0)
      concurrent-ruby (~> 1.0)
    middleware (0.1.0)
    minitest (5.11.3)
    mustermann (1.0.2)
    protobuf (3.8.4)
      activesupport (>= 3.2)
      middleware
      thor
      thread_safe
    rack (2.0.5)
    rack-protection (2.0.3)
      rack
    sinatra (2.0.3)
      mustermann (~> 1.0)
      rack (~> 2.0)
      rack-protection (= 2.0.3)
      tilt (~> 2.0)
    thin (1.7.2)
      daemons (~> 1.0, >= 1.0.9)
      eventmachine (~> 1.0, >= 1.0.4)
      rack (>= 1, < 3)
    thor (0.20.0)
    thread_safe (0.3.6)
    tilt (2.0.8)
    tzinfo (1.2.5)
      thread_safe (~> 0.1)

PLATFORMS
  ruby

DEPENDENCIES
  grpc (= 1.14.0)
  grpc-tools (= 1.14.0)
  protobuf (= 3.8.4)
  sinatra (= 2.0.3)
  thin

BUNDLED WITH
   1.16.0
